NDims = 4
DimSize = 151 151 1 40
ElementType = MET_USHORT
Offset = -25.510238 -168.335742 -215.503529
TransformMatrix = 1 0 0  0 0 0 1 0 0 1 0 0 0 0 0 1
ElementSpacing = 0.994318187237 0.994318246841 10.000089069100 0.033000000000
ElementByteOrderMSB = False
ElementDataFile = sax_slice.raw
