NDims = 4
DimSize = 101 81 1 24
ElementType = MET_USHORT
Offset =   1008.6   -137.6   2894.4
TransformMatrix =    1 0 0 0      0 0 1 0   0  1 0 0   0 0 0 1
ElementSpacing = 2.500000000000 2.500000000000 2.500000000000 0.035000000000
ElementByteOrderMSB = False
ElementDataFile = 4dflow_mag_slice.raw
