NDims = 4
DimSize = 111 111 1 40
ElementType = MET_USHORT
TransformMatrix = 1 0 0 0        0 1 0 0    0 0 1 0    0 0 0 1
Offset = -43.972243 -124.711083 215.336912
ElementSpacing = 1.375000000000 1.375000000000 7.999998092650 0.029000000000
ElementByteOrderMSB = False
ElementDataFile = sax_slice.raw
