NDims = 4
DimSize = 112 112 1 25
ElementType = MET_USHORT
TransformMatrix = 1 0 0 0        0 1 0 0    0 0 1 0    0 0 0 1
Offset = -43.972243 -124.711083 215.336912 0.024459184 
ElementSpacing = 0.964285731316 0.964285731316 0.964285731316 0.014918
ElementByteOrderMSB = False
ElementDataFile = tags_slice1.raw
