NDims = 4
DimSize = 111 121 1 40
ElementType = MET_USHORT
TransformMatrix = 1 0 0 0   0 1 0 0   0 0 1 0   0 0 0 1
Offset = 145.539000 -147.438000 119.888000
ElementSpacing = 1.383930000000 1.383930000000 8.000000000000 0.025000000000
ElementByteOrderMSB = False
ElementDataFile = sax_slice.raw
