NDims = 4
DimSize = 112 127 1 24
ElementType = MET_USHORT
TransformMatrix = 1 0 0 0   0 1 0 0   0 0 1 0   0 0 0 1
Offset = 145.539000 -147.438000 119.888000   0.033847826
ElementSpacing = 0.964285731316 0.964285731316 0.964285671711  0.031696
ElementByteOrderMSB = False
ElementDataFile = tags_slice1.raw
